GIT
  remote: git://github.com/lotus/controller.git
  revision: 8d3955760448c2b225a3189426c0d3eb274a6e04
  specs:
    lotus-controller (0.1.0)
      lotus-utils (~> 0.1)
      rack (~> 1.5)

GIT
  remote: git://github.com/lotus/model.git
  revision: 3fa269345c13dd30dc8d9d5174aab5d857567805
  specs:
    lotus-model (0.1.0)
      lotus-utils (~> 0.1, > 0.1.0)
      sequel (~> 4.9)

GIT
  remote: git://github.com/lotus/utils.git
  revision: a2a19e9a610c1060d010369a5f5adeb3b1e10e0a
  specs:
    lotus-utils (0.1.1)

GEM
  remote: https://rubygems.org/
  specs:
    capybara (2.2.1)
      mime-types (>= 1.16)
      nokogiri (>= 1.3.3)
      rack (>= 1.0.0)
      rack-test (>= 0.5.4)
      xpath (~> 2.0)
    coderay (1.1.0)
    dotenv (0.11.1)
      dotenv-deployment (~> 0.0.2)
    dotenv-deployment (0.0.2)
    http_router (0.11.1)
      rack (>= 1.0.0)
      url_mount (~> 0.2.1)
    lotus-router (0.1.0)
      http_router (~> 0)
      lotus-utils (~> 0)
    lotus-view (0.1.0)
      lotus-utils (~> 0.1)
      tilt (~> 2.0, >= 2.0.1)
    method_source (0.8.2)
    mime-types (2.2)
    mini_portile (0.6.0)
    minitest (5.3.4)
    nokogiri (1.6.2.1)
      mini_portile (= 0.6.0)
    pry (0.9.12.6)
      coderay (~> 1.0)
      method_source (~> 0.8)
      slop (~> 3.4)
    rack (1.5.2)
    rack-test (0.6.2)
      rack (>= 1.0)
    rake (10.3.2)
    sequel (4.10.0)
    shotgun (0.9)
      rack (>= 1.0)
    slop (3.5.0)
    sqlite3 (1.3.9)
    tilt (2.0.1)
    url_mount (0.2.1)
      rack
    xpath (2.0.0)
      nokogiri (~> 1.3)

PLATFORMS
  ruby

DEPENDENCIES
  capybara
  dotenv
  lotus-controller!
  lotus-model!
  lotus-router
  lotus-utils!
  lotus-view
  minitest
  pry
  rake
  shotgun
  sqlite3
